GEM
  remote: https://rubygems.org/
  remote: https://rails-assets.org/
  specs:
    blankslate (2.1.2.4)
    celluloid (0.16.0)
      timers (~> 4.0.0)
    chunky_png (1.3.3)
    classifier-reborn (2.0.2)
      fast-stemmer (~> 1.0)
    coffee-script (2.3.0)
      coffee-script-source
      execjs
    coffee-script-source (1.8.0)
    color (1.7.1)
    colorator (0.1)
    colored (1.2)
    compass (1.0.1)
      chunky_png (~> 1.2)
      compass-core (~> 1.0.1)
      compass-import-once (~> 1.0.5)
      rb-fsevent (>= 0.9.3)
      rb-inotify (>= 0.9)
      sass (>= 3.3.13, < 3.5)
    compass-core (1.0.1)
      multi_json (~> 1.0)
      sass (>= 3.3.0, < 3.5)
    compass-import-once (1.0.5)
      sass (>= 3.2, < 3.5)
    dotenv (0.11.1)
      dotenv-deployment (~> 0.0.2)
    dotenv-deployment (0.0.2)
    ethon (0.7.1)
      ffi (>= 1.3.0)
    execjs (2.2.2)
    fast-stemmer (1.0.2)
    ffi (1.9.6)
    font-awesome-sass (4.2.2)
      sass (~> 3.2)
    foreman (0.75.0)
      dotenv (~> 0.11.1)
      thor (~> 0.19.1)
    geo_pattern (1.2.1)
      color (~> 1.5)
    haml (4.0.5)
      tilt
    hike (1.2.3)
    hitimes (1.2.2)
    html-proofer (1.4.0)
      colored (~> 1.2)
      mercenary (~> 0.3.2)
      nokogiri (~> 1.5)
      parallel (~> 1.3)
      typhoeus (~> 0.6.7)
      yell (~> 2.0)
    jekyll (2.5.2)
      classifier-reborn (~> 2.0)
      colorator (~> 0.1)
      jekyll-coffeescript (~> 1.0)
      jekyll-gist (~> 1.0)
      jekyll-paginate (~> 1.0)
      jekyll-sass-converter (~> 1.0)
      jekyll-watch (~> 1.1)
      kramdown (~> 1.3)
      liquid (~> 2.6.1)
      mercenary (~> 0.3.3)
      pygments.rb (~> 0.6.0)
      redcarpet (~> 3.1)
      safe_yaml (~> 1.0)
      toml (~> 0.1.0)
    jekyll-assets (0.11.0)
      jekyll (~> 2.0)
      sass (~> 3.2)
      sprockets (~> 2.10)
      sprockets-helpers
      sprockets-sass
    jekyll-coffeescript (1.0.1)
      coffee-script (~> 2.2)
    jekyll-geo-pattern (0.4.1)
      geo_pattern (~> 1.2.1)
      jekyll
    jekyll-gist (1.1.0)
    jekyll-haml (0.1.1)
      haml (>= 3.0.0)
      jekyll (>= 0.10.0)
    jekyll-paginate (1.1.0)
    jekyll-sass-converter (1.2.1)
      sass (~> 3.2)
    jekyll-sitemap (0.6.3)
    jekyll-watch (1.1.2)
      listen (~> 2.7)
    json (1.8.1)
    kgio (2.9.2)
    kramdown (1.5.0)
    liquid (2.6.1)
    listen (2.8.1)
      celluloid (>= 0.15.2)
      rb-fsevent (>= 0.9.3)
      rb-inotify (>= 0.9)
    mercenary (0.3.5)
    mini_portile (0.6.1)
    multi_json (1.10.1)
    nokogiri (1.6.4.1)
      mini_portile (~> 0.6.0)
    parallel (1.3.3)
    parslet (1.5.0)
      blankslate (~> 2.0)
    posix-spawn (0.3.9)
    pygments.rb (0.6.0)
      posix-spawn (~> 0.3.6)
      yajl-ruby (~> 1.1.0)
    rack (1.5.2)
    rack-protection (1.5.3)
      rack
    rails-assets-foundation-ra (5.4.7)
    rails-assets-jquery (2.1.1)
    rails-assets-modernizr (2.8.3)
    raindrops (0.13.0)
    rake (10.3.2)
    rb-fsevent (0.9.4)
    rb-inotify (0.9.5)
      ffi (>= 0.5.0)
    redcarpet (3.2.0)
    safe_yaml (1.0.4)
    sass (3.3.14)
    sass-globbing (1.1.1)
      sass (>= 3.1)
    sinatra (1.4.5)
      rack (~> 1.4)
      rack-protection (~> 1.4)
      tilt (~> 1.3, >= 1.3.4)
    sprockets (2.12.3)
      hike (~> 1.2)
      multi_json (~> 1.0)
      rack (~> 1.0)
      tilt (~> 1.1, != 1.3.0)
    sprockets-helpers (1.1.0)
      sprockets (~> 2.0)
    sprockets-sass (1.3.0)
      sprockets (~> 2.0)
      tilt (~> 1.1)
    stringex (2.5.2)
    thor (0.19.1)
    tilt (1.4.1)
    timers (4.0.1)
      hitimes
    toml (0.1.2)
      parslet (~> 1.5.0)
    typhoeus (0.6.9)
      ethon (>= 0.7.1)
    uglifier (2.5.3)
      execjs (>= 0.3.0)
      json (>= 1.8.0)
    unicorn (4.8.3)
      kgio (~> 2.6)
      rack
      raindrops (~> 0.7)
    yajl-ruby (1.1.0)
    yell (2.0.5)

PLATFORMS
  ruby

DEPENDENCIES
  compass (~> 1.0.1)
  font-awesome-sass
  foreman
  haml (~> 4.0.5)
  html-proofer (~> 1.4.0)
  jekyll (~> 2.5.0)
  jekyll-assets
  jekyll-geo-pattern (~> 0.4.1)
  jekyll-haml (~> 0.1.1)
  jekyll-sitemap (~> 0.6.1)
  rails-assets-foundation-ra
  rails-assets-jquery
  rails-assets-modernizr
  rake (~> 10.3.2)
  sass (~> 3.3.14)
  sass-globbing (~> 1.1.1)
  sinatra (~> 1.4.5)
  stringex
  uglifier
  unicorn
